GEM
  remote: https://rubygems.org/
  specs:
    fasterer (0.9.0)
    rubocop (1.18.4)
PLATFORMS
  x86_64-linux

DEPENDENCIES

BUNDLED WITH
   2.2.25
